GEM
  remote: https://rubygems.org/
  specs:
    coderay (1.1.3)
    method_source (1.0.0)
    oj (3.11.5)
    pry (0.14.0)
      coderay (~> 1.1)
      method_source (~> 1.0)
    rake (13.0.3)

PLATFORMS
  ruby

DEPENDENCIES
  oj
  pry
  rake

BUNDLED WITH
   2.1.4
